GEM
  remote: https://rubygems.org/
  specs:
    capybara (2.1.0)
      mime-types (>= 1.16)
      nokogiri (>= 1.3.3)
      rack (>= 1.0.0)
      rack-test (>= 0.5.4)
      xpath (~> 2.0)
    cuba (3.1.0)
      rack
    cuba-contrib (3.1.0)
      cuba (~> 3.1)
    daemons (1.1.9)
    dotenv (0.8.0)
    eventmachine (1.0.3-x86-mingw32)
    execjs (1.4.0)
      multi_json (~> 1.0)
    foreman (0.63.0-x86-mingw32)
      dotenv (>= 0.7)
      thor (>= 0.13.6)
      win32console (~> 1.3.0)
    hike (1.2.3)
    mime-types (1.23)
    mini_portile (0.5.1)
    minitest (5.0.6)
    mote (1.1.2)
    multi_json (1.7.7)
    nokogiri (1.6.0-x86-mingw32)
      mini_portile (~> 0.5.0)
    rack (1.5.2)
    rack-test (0.6.2)
      rack (>= 1.0)
    rake (10.1.0)
    sass (3.2.9)
    sprockets (2.10.0)
      hike (~> 1.2)
      multi_json (~> 1.0)
      rack (~> 1.0)
      tilt (~> 1.1, != 1.3.0)
    sprockets-helpers (1.0.1)
      sprockets (~> 2.0)
    sprockets-sass (1.0.1)
      sprockets (~> 2.0)
      tilt (~> 1.1)
    thin (1.5.1)
      daemons (>= 1.0.9)
      eventmachine (>= 0.12.6)
      rack (>= 1.0.0)
    thor (0.18.1)
    tilt (1.4.1)
    uglifier (2.1.1)
      execjs (>= 0.3.0)
      multi_json (~> 1.0, >= 1.0.2)
    win32console (1.3.2-x86-mingw32)
    xpath (2.0.0)
      nokogiri (~> 1.3)

PLATFORMS
  x86-mingw32

DEPENDENCIES
  capybara (~> 2.1)
  cuba (~> 3.1)
  cuba-contrib (~> 3.1)
  dotenv (~> 0.7)
  foreman (~> 0.63)
  minitest (~> 5.0)
  mote (~> 1.1)
  rake (~> 10.0)
  sass (~> 3.2)
  sprockets (~> 2.10)
  sprockets-helpers (~> 1.0)
  sprockets-sass (~> 1.0)
  therubyracer
  thin (~> 1.5)
  uglifier (~> 2.1)
