GIT
  remote: git://github.com/monkrb/glue.git
  revision: 8a59f5c27b98399f80e9289530675366ad298b4c
  specs:
    monk-glue (0.0.1)

GEM
  remote: http://rubygems.org/
  specs:
    contest (0.1.2)
    faker (0.3.1)
    haml (2.2.22)
    hoe (2.6.2)
      rake (>= 0.8.7)
      rubyforge (>= 2.0.4)
    json_pure (1.4.6)
    nest (0.0.7)
    nokogiri (1.4.3.1)
    ohm (0.1.0)
      nest (~> 0.0.7)
      redis (~> 2.0.0)
    override (0.0.10)
    quietbacktrace (0.1.1)
      hoe (>= 1.3.0)
    rack (1.2.1)
    rack-test (0.5.3)
      rack (>= 1.0)
    rake (0.8.7)
    rdiscount (1.6.5)
    redis (2.0.0)
    rubyforge (2.0.4)
      json_pure (>= 1.1.7)
    sinatra (1.0)
      rack (>= 1.0)
    spawn (0.1.3)
    stories (0.1.3)
      contest (~> 0.1)
    webrat (0.7.2)
      nokogiri (>= 1.2.0)
      rack (>= 1.0)
      rack-test (>= 0.5.3)

PLATFORMS
  ruby

DEPENDENCIES
  contest (= 0.1.2)
  faker (= 0.3.1)
  haml (= 2.2.22)
  monk-glue!
  ohm (= 0.1.0)
  override (= 0.0.10)
  quietbacktrace (= 0.1.1)
  rack-test (= 0.5.3)
  rdiscount (= 1.6.5)
  redis (= 2.0.0)
  sinatra (= 1.0)
  spawn (= 0.1.3)
  stories (= 0.1.3)
  webrat
