GIT
  remote: git://github.com/monkrb/glue.git
  revision: 8a59f5c27b98399f80e9289530675366ad298b4c
  specs:
    monk-glue (0.0.1)

GEM
  remote: http://rubygems.org/
  specs:
    diff-lcs (1.1.2)
    haml (2.2.22)
    nest (0.0.7)
    ohm (0.1.0)
      nest (~> 0.0.7)
      redis (~> 2.0.0)
    rack (1.2.1)
    rack-test (0.5.3)
      rack (>= 1.0)
    rdiscount (1.6.5)
    redis (2.0.0)
    rspec (2.0.1)
      rspec-core (~> 2.0.1)
      rspec-expectations (~> 2.0.1)
      rspec-mocks (~> 2.0.1)
    rspec-core (2.0.1)
    rspec-expectations (2.0.1)
      diff-lcs (>= 1.1.2)
    rspec-mocks (2.0.1)
      rspec-core (~> 2.0.1)
      rspec-expectations (~> 2.0.1)
    sinatra (1.0)
      rack (>= 1.0)

PLATFORMS
  ruby

DEPENDENCIES
  haml
  monk-glue!
  ohm
  rack-test (>= 0.5.3)
  rdiscount
  rspec (>= 2.0.1)
  sinatra
