GIT
  remote: git://github.com/cyx/cuba-contrib.git
  revision: f439207ed5b569ba61331357e205bc2ae7356f64
  specs:
    cuba-contrib (3.0.0.rc2)
      cuba

GIT
  remote: git://github.com/soveran/cuba.git
  revision: 7166a9bc510ea9bf6ffa4d6a881f8b7739b01b95
  specs:
    cuba (3.0.0.rc1)
      rack
      tilt

GEM
  remote: http://rubygems.org/
  specs:
    daemons (1.1.5)
    diff-lcs (1.1.3)
    eventmachine (0.12.10)
    foreman (0.31.0)
      term-ansicolor (~> 1.0.5)
      thor (>= 0.13.6)
    hashie (1.2.0)
    mote (0.2.0)
    rack (1.4.1)
    rack-test (0.6.1)
      rack (>= 1.0)
    rake (0.9.2.2)
    rspec (2.8.0)
      rspec-core (~> 2.8.0)
      rspec-expectations (~> 2.8.0)
      rspec-mocks (~> 2.8.0)
    rspec-core (2.8.0)
    rspec-expectations (2.8.0)
      diff-lcs (~> 1.1.2)
    rspec-mocks (2.8.0)
    shotgun (0.9)
      rack (>= 1.0)
    term-ansicolor (1.0.5)
    thin (1.3.1)
      daemons (>= 1.0.9)
      eventmachine (>= 0.12.6)
      rack (>= 1.0.0)
    thor (0.14.6)
    tilt (1.3.3)

PLATFORMS
  ruby

DEPENDENCIES
  cuba!
  cuba-contrib!
  foreman (~> 0.31.0)
  hashie (~> 1.2.0)
  mote (~> 0.2.0)
  rack-test (~> 0.6.1)
  rake (~> 0.9.2.2)
  rspec (~> 2.8.0)
  shotgun (~> 0.9)
  thin (~> 1.3.1)
